GEM
  remote: https://rubygems.org/
  specs:
    bcrypt (3.1.18)
    daemons (1.4.1)
    eventmachine (1.2.7)
    ffi (1.15.5)
    jwt (2.5.0)
    listen (3.7.1)
      rb-fsevent (~> 0.10, >= 0.10.3)
      rb-inotify (~> 0.9, >= 0.9.10)
    mustermann (3.0.0)
      ruby2_keywords (~> 0.0.1)
    rack (2.2.4)
    rack-protection (3.0.2)
      rack
    rb-fsevent (0.11.2)
    rb-inotify (0.10.1)
      ffi (~> 1.0)
    rerun (0.13.1)
      listen (~> 3.0)
    ruby2_keywords (0.0.5)
    sinatra (3.0.2)
      mustermann (~> 3.0)
      rack (~> 2.2, >= 2.2.4)
      rack-protection (= 3.0.2)
      tilt (~> 2.0)
    sinatra-cross_origin (0.4.0)
    sqlite3 (1.5.3-arm64-darwin)
    thin (1.8.1)
      daemons (~> 1.0, >= 1.0.9)
      eventmachine (~> 1.0, >= 1.0.4)
      rack (>= 1, < 3)
    tilt (2.0.11)

PLATFORMS
  arm64-darwin-20
  arm64-darwin-22

DEPENDENCIES
  bcrypt
  jwt
  rerun
  sinatra
  sinatra-cross_origin
  sqlite3
  thin

BUNDLED WITH
   2.2.15
